GEM
  remote: http://rubygems.org/
  remote: http://gemcutter.org/
  specs:
    addressable (2.2.2)
    dm-core (1.0.2)
      addressable (~> 2.2)
      extlib (~> 0.9.15)
    dm-migrations (1.0.2)
      dm-core (~> 1.0.2)
    dm-serializer (1.0.2)
      dm-core (~> 1.0.2)
      fastercsv (~> 1.5.3)
      json_pure (~> 1.4)
    dm-timestamps (1.0.2)
      dm-core (~> 1.0.2)
    dm-validations (1.0.2)
      dm-core (~> 1.0.2)
    extlib (0.9.15)
    fastercsv (1.5.3)
    haml (3.0.25)
    json_pure (1.4.6)
    rack (1.2.1)
    sass (3.1.0.alpha.206)
    sinatra (1.1.0)
      rack (~> 1.1)
      tilt (~> 1.1)
    tilt (1.1)

PLATFORMS
  ruby

DEPENDENCIES
  dm-core
  dm-migrations
  dm-serializer
  dm-timestamps
  dm-validations
  haml
  sass
  sinatra
